GEM
  remote: https://rubygems.org/
  specs:
    backport (1.1.2)
    coderay (1.1.2)
    concurrent-ruby (1.0.5)
    diff-lcs (1.3)
    immutable-ruby (0.0.4)
      concurrent-ruby (~> 1.0.0)
    lazy_priority_queue (0.1.1)
    method_source (0.9.0)
    pry (0.11.3)
      coderay (~> 1.1.0)
      method_source (~> 0.9.0)
    readapt (0.8.1)
      backport (~> 1.1)
      thor (~> 0.20)
    rgl (0.5.3)
      lazy_priority_queue (~> 0.1.0)
      stream (~> 0.5.0)
    rspec (3.9.0)
      rspec-core (~> 3.9.0)
      rspec-expectations (~> 3.9.0)
      rspec-mocks (~> 3.9.0)
    rspec-core (3.9.0)
      rspec-support (~> 3.9.0)
    rspec-expectations (3.9.0)
      diff-lcs (>= 1.2.0, < 2.0)
      rspec-support (~> 3.9.0)
    rspec-mocks (3.9.0)
      diff-lcs (>= 1.2.0, < 2.0)
      rspec-support (~> 3.9.0)
    rspec-support (3.9.0)
    ruby-prof (1.0.0)
    stream (0.5)
    thor (0.20.3)

PLATFORMS
  ruby

DEPENDENCIES
  immutable-ruby!
  pry!
  readapt!
  rgl!
  rspec!
  ruby-prof!

BUNDLED WITH
   1.17.3
